GEM
  remote: https://rubygems.org/
  specs:
    minitest (5.14.4)
    rake (13.0.4)
    ruby-sdl2 (0.3.5)

PLATFORMS
  ruby

DEPENDENCIES
  minitest
  rake (~> 13.0)
  ruby-sdl2 (~> 0.3.5)

BUNDLED WITH
   2.2.15
